GIT
  remote: git://github.com/jenkins-infra/puppetlabs_spec_helper.git
  revision: 772ce0ed04edb5b58f99de6ebebe8ccc233b46be
  specs:
    puppetlabs_spec_helper (0.4.1.40)
      mocha (>= 0.10.5)
      rake
      rspec (>= 2.9.0)
      rspec-puppet (>= 0.1.1)

GEM
  remote: https://rubygems.org/
  specs:
    CFPropertyList (2.2.8)
    builder (3.2.2)
    ci_reporter (2.0.0)
      builder (>= 2.1.2)
    diff-lcs (1.2.5)
    docile (1.1.5)
    facter (2.3.0)
      CFPropertyList (~> 2.2.6)
    hiera (1.3.4)
      json_pure
    highline (1.6.21)
    json (1.8.1)
    json_pure (1.8.1)
    metaclass (0.0.4)
    mocha (1.1.0)
      metaclass (~> 0.0.1)
    multi_json (1.10.1)
    net-ssh (2.9.1)
    parallel (1.3.3)
    parallel_tests (1.0.7)
      parallel
    puppet (3.7.3)
      facter (> 1.6, < 3)
      hiera (~> 1.0)
      json_pure
    puppet-lint (1.1.0)
    puppet-syntax (1.3.0)
      rake
    rake (10.3.2)
    rspec (2.99.0)
      rspec-core (~> 2.99.0)
      rspec-expectations (~> 2.99.0)
      rspec-mocks (~> 2.99.0)
    rspec-core (2.99.2)
    rspec-expectations (2.99.2)
      diff-lcs (>= 1.1.3, < 2.0)
    rspec-its (1.0.1)
      rspec-core (>= 2.99.0.beta1)
      rspec-expectations (>= 2.99.0.beta1)
    rspec-mocks (2.99.2)
    rspec-puppet (1.0.1)
      rspec
    serverspec (1.16.0)
      highline
      net-ssh
      rspec (~> 2.99)
      rspec-its
      specinfra (~> 1.27)
    simplecov (0.9.1)
      docile (~> 1.1.0)
      multi_json (~> 1.0)
      simplecov-html (~> 0.8.0)
    simplecov-html (0.8.0)
    specinfra (1.27.5)

PLATFORMS
  ruby

DEPENDENCIES
  ci_reporter
  json
  parallel_tests
  puppet (~> 3.5)
  puppet-lint (>= 0.3.2)
  puppet-syntax (>= 1.1.0)
  puppetlabs_spec_helper!
  rake (>= 10.1.1)
  rspec (~> 2.99.0)
  rspec-its
  rspec-puppet (>= 1.0.1)
  serverspec
  simplecov
